PATH
  remote: .
  specs:
    ruby-pandoc (0.0.5)

GEM
  remote: http://rubygems.org/
  specs:
    byebug (8.2.5)
    coderay (1.1.1)
    diff-lcs (1.2.5)
    docile (1.1.5)
    json (1.8.3)
    metaclass (0.0.4)
    method_source (0.8.2)
    minitest (5.8.3)
    mocha (1.1.0)
      metaclass (~> 0.0.1)
    pry (0.10.3)
      coderay (~> 1.1.0)
      method_source (~> 0.8.1)
      slop (~> 3.4)
    pry-byebug (3.3.0)
      byebug (~> 8.0)
      pry (~> 0.10)
    rake (10.4.2)
    rdoc (4.2.0)
    rspec (3.2.0)
      rspec-core (~> 3.2.0)
      rspec-expectations (~> 3.2.0)
      rspec-mocks (~> 3.2.0)
    rspec-core (3.2.3)
      rspec-support (~> 3.2.0)
    rspec-expectations (3.2.1)
      diff-lcs (>= 1.2.0, < 2.0)
      rspec-support (~> 3.2.0)
    rspec-mocks (3.2.1)
      diff-lcs (>= 1.2.0, < 2.0)
      rspec-support (~> 3.2.0)
    rspec-support (3.2.2)
    simplecov (0.10.0)
      docile (~> 1.1.0)
      json (~> 1.8)
      simplecov-html (~> 0.10.0)
    simplecov-html (0.10.0)
    slop (3.6.0)

PLATFORMS
  ruby

DEPENDENCIES
  minitest (~> 5.8.3, >= 5.8.3)
  mocha (~> 1.1, >= 1.1.0)
  pry (= 0.10.3)
  pry-byebug (= 3.3.0)
  rake (~> 10.4, >= 10.4.2)
  rdoc (~> 4.2, >= 4.2.0)
  rspec (= 3.2.0)
  ruby-pandoc!
  simplecov (= 0.10.0)

BUNDLED WITH
   1.11.2
