GEM
  remote: http://rubygems.org/
  specs:
    json (1.8.3)
    metaclass (0.0.4)
    minitest (5.8.4)
    mocha (1.1.0)
      metaclass (~> 0.0.1)
    rake (11.1.2)
    rdoc (4.2.2)
      json (~> 1.4)

PLATFORMS
  ruby

DEPENDENCIES
  minitest (~> 5.8.3)
  mocha (~> 1.1.0)
  rake
  rdoc

BUNDLED WITH
   1.11.2
