GEM
  remote: http://rubygems.org/
  specs:
    metaclass (0.0.4)
    minitest (5.8.3)
    mocha (1.1.0)
      metaclass (~> 0.0.1)
    rake (10.4.2)
    rdoc (4.2.0)

PLATFORMS
  ruby

DEPENDENCIES
  minitest (~> 5.8.3)
  mocha (~> 1.1.0)
  rake
  rdoc

BUNDLED WITH
   1.10.6
